PATH
  remote: .
  specs:
    asana_cli_gem (0.1.0)

GEM
  remote: https://rubygems.org/
  specs:
    coderay (1.1.2)
    method_source (0.9.0)
    mini_portile2 (2.3.0)
    nokogiri (1.8.2)
      mini_portile2 (~> 2.3.0)
    pry (0.11.3)
      coderay (~> 1.1.0)
      method_source (~> 0.9.0)
    rake (10.4.2)
    require_all (2.0.0)

PLATFORMS
  ruby

DEPENDENCIES
  asana_cli_gem!
  bundler (~> 1.16)
  nokogiri
  pry
  rake (~> 10.0)
  require_all

BUNDLED WITH
   1.16.2
