PATH
  remote: .
  specs:
    asana_cli_gem (0.1.0)
      nokogiri

GEM
  remote: https://rubygems.org/
  specs:
    coderay (1.1.2)
    gem-release (2.0.1)
    method_source (0.9.0)
    mini_portile2 (2.3.0)
    nokogiri (1.8.2)
      mini_portile2 (~> 2.3.0)
    pry (0.11.3)
      coderay (~> 1.1.0)
      method_source (~> 0.9.0)
    rake (10.4.2)

PLATFORMS
  ruby

DEPENDENCIES
  asana_cli_gem!
  bundler (~> 1.16)
  gem-release
  pry
  rake (~> 10.0)

BUNDLED WITH
   1.16.2
